GEM
  remote: https://rubygems.org/
  specs:
    either-monad (0.0.2)
      rake (~> 10.2, >= 10.2.0)
    rake (10.5.0)

PLATFORMS
  ruby

DEPENDENCIES
  either-monad (= 0.0.2)

RUBY VERSION
   ruby 2.3.1p112

BUNDLED WITH
   1.12.5
